GEM
  remote: https://rubygems.org/
  specs:
    activesupport (3.2.22)
      i18n (~> 0.6, >= 0.6.4)
      multi_json (~> 1.0)
    i18n (0.7.0)
    multi_json (1.11.2)

PLATFORMS
  ruby

DEPENDENCIES
  activesupport (~> 3.0)

BUNDLED WITH
   1.10.6
